GEM
  remote: https://rubygems.org/
  specs:
    minitest (5.24.1)

PLATFORMS
  x86_64-darwin-20

DEPENDENCIES
  minitest

BUNDLED WITH
   2.5.7
