GEM
  remote: https://rubygems.org/
  specs:
    byebug (11.1.3)
    minitest (5.24.1)

PLATFORMS
  x86_64-darwin-20

DEPENDENCIES
  byebug
  minitest

BUNDLED WITH
   2.5.7
